GEM
  remote: http://rubygems.org/
  specs:
    daemons (1.1.8)
    librmpd (0.1.1)
    ruby-growl (3.0)

PLATFORMS
  ruby

DEPENDENCIES
  bundler (= 1.0.22)
  daemons (= 1.1.8)
  librmpd (= 0.1.1)
  ruby-growl (= 3.0)
